GEM
  remote: https://rubygems.org/
  specs:
    activemodel (3.2.12)
      activesupport (= 3.2.12)
      builder (~> 3.0.0)
    activesupport (3.2.12)
      i18n (~> 0.6)
      multi_json (~> 1.0)
    backports (3.6.4)
    bson (1.7.0)
    bson_ext (1.7.0)
      bson (~> 1.7.0)
    builder (3.0.4)
    domain_name (0.5.22)
      unf (>= 0.0.5, < 1.0.0)
    eventmachine (1.0.3)
    exifr (1.2.0)
    http-cookie (1.0.2)
      domain_name (~> 0.5)
    http_router (0.10.2)
      rack (>= 1.0.0)
      url_mount (~> 0.2.1)
    i18n (0.6.11)
    mail (2.3.3)
      i18n (>= 0.4.0)
      mime-types (~> 1.16)
      treetop (~> 1.4.8)
    mecab (0.996)
    mechanize (2.7.2)
      domain_name (~> 0.5, >= 0.5.1)
      http-cookie (~> 1.0.0)
      mime-types (~> 1.17, >= 1.17.2)
      net-http-digest_auth (~> 1.1, >= 1.1.1)
      net-http-persistent (~> 2.5, >= 2.5.2)
      nokogiri (~> 1.4)
      ntlm-http (~> 0.1, >= 0.1.1)
      webrobots (>= 0.0.9, < 0.2)
    mime-types (1.25.1)
    mini_portile (0.6.1)
    mongo (1.7.0)
      bson (~> 1.7.0)
    mongoid (2.3.0)
      activemodel (~> 3.1)
      mongo (~> 1.4)
      tzinfo (~> 0.3.22)
    multi_json (1.10.1)
    net-http-digest_auth (1.4)
    net-http-persistent (2.9.4)
    nokogiri (1.6.5)
      mini_portile (~> 0.6.0)
    ntlm-http (0.1.1)
    padrino (0.10.7)
      padrino-admin (= 0.10.7)
      padrino-cache (= 0.10.7)
      padrino-core (= 0.10.7)
      padrino-gen (= 0.10.7)
      padrino-helpers (= 0.10.7)
      padrino-mailer (= 0.10.7)
    padrino-admin (0.10.7)
      padrino-core (= 0.10.7)
      padrino-helpers (= 0.10.7)
    padrino-cache (0.10.7)
      padrino-core (= 0.10.7)
    padrino-core (0.10.7)
      activesupport (~> 3.2.0)
      http_router (~> 0.10.2)
      sinatra (~> 1.3.1)
      thor (~> 0.15.2)
      tilt (~> 1.3.0)
    padrino-gen (0.10.7)
      bundler (~> 1.0)
      padrino-core (= 0.10.7)
    padrino-helpers (0.10.7)
      i18n (~> 0.6)
      padrino-core (= 0.10.7)
    padrino-mailer (0.10.7)
      mail (~> 2.3.0)
      padrino-core (= 0.10.7)
    polyglot (0.3.5)
    rack (1.5.2)
    rack-protection (1.5.3)
      rack
    rack-test (0.6.2)
      rack (>= 1.0)
    rmagick (2.13.4)
    sinatra (1.3.6)
      rack (~> 1.4)
      rack-protection (~> 1.3)
      tilt (~> 1.3, >= 1.3.3)
    sinatra-contrib (1.3.2)
      backports (>= 2.0)
      eventmachine
      rack-protection
      rack-test
      sinatra (~> 1.3.0)
      tilt (~> 1.3)
    sinatra-reloader (1.0)
      sinatra-contrib
    sinatra-xsendfile (0.4.2)
      sinatra (>= 0.9.1)
    thor (0.15.4)
    tilt (1.3.7)
    treetop (1.4.15)
      polyglot
      polyglot (>= 0.3.1)
    tzinfo (0.3.42)
    unf (0.1.4)
      unf_ext
    unf_ext (0.0.6)
    url_mount (0.2.1)
      rack
    webrobots (0.1.1)
    will_paginate (3.0.7)

PLATFORMS
  ruby

DEPENDENCIES
  activesupport (= 3.2.12)
  bson (= 1.7.0)
  bson_ext
  exifr
  mecab
  mechanize
  mongo (= 1.7.0)
  mongoid (= 2.3.0)
  padrino (= 0.10.7)
  padrino-core (= 0.10.7)
  rack
  rmagick
  sinatra
  sinatra-reloader
  sinatra-xsendfile
  will_paginate
